GEM
  remote: http://rubygems.org/
  specs:
    closure-compiler (1.1.6)
    rake (0.9.2.2)

PLATFORMS
  ruby

DEPENDENCIES
  closure-compiler
  rake
